GEM
  remote: https://rubygems.org/
  specs:
    activesupport (5.1.1)
      concurrent-ruby (~> 1.0, >= 1.0.2)
      i18n (~> 0.7)
      minitest (~> 5.1)
      tzinfo (~> 1.1)
    addressable (2.5.1)
      public_suffix (~> 2.0, >= 2.0.2)
    benchmark-ips (2.7.2)
    coderay (1.1.1)
    concurrent-ruby (1.0.5)
    crack (0.4.3)
      safe_yaml (~> 1.0.0)
    derailed (0.1.0)
      derailed_benchmarks
    derailed_benchmarks (1.3.2)
      benchmark-ips (~> 2)
      get_process_mem (~> 0)
      heapy (~> 0)
      memory_profiler (~> 0)
      rack (>= 1)
      rake (> 10, < 13)
      thor (~> 0.19)
    diff-lcs (1.3)
    fakeredis (0.6.0)
      redis (~> 3.2)
    geoip (1.6.3)
    get_process_mem (0.2.1)
    hashdiff (0.3.4)
    heapy (0.1.2)
    hiredis (0.6.1)
    httparty (0.14.0)
      multi_xml (>= 0.5.2)
    i18n (0.8.4)
    memory_profiler (0.9.8)
    method_source (0.8.2)
    minitest (5.10.2)
    multi_json (1.12.1)
    multi_xml (0.6.0)
    newrelic_rpm (4.2.0.334)
    pry (0.10.4)
      coderay (~> 1.1.0)
      method_source (~> 0.8.1)
      slop (~> 3.4)
    public_suffix (2.0.5)
    puma (3.9.1)
    rack (2.0.3)
    rack-flash3 (1.0.5)
      rack
    rack-test (0.6.3)
      rack (>= 1.0)
    rack-timeout (0.4.2)
    rack-tracker (1.3.1)
      activesupport (>= 3.0)
      rack (>= 1.4)
      tilt (>= 1.4)
    rake (12.0.0)
    redis (3.3.3)
    rollbar (2.15.0)
      multi_json
    rspec (3.6.0)
      rspec-core (~> 3.6.0)
      rspec-expectations (~> 3.6.0)
      rspec-mocks (~> 3.6.0)
    rspec-core (3.6.0)
      rspec-support (~> 3.6.0)
    rspec-expectations (3.6.0)
      diff-lcs (>= 1.2.0, < 2.0)
      rspec-support (~> 3.6.0)
    rspec-mocks (3.6.0)
      diff-lcs (>= 1.2.0, < 2.0)
      rspec-support (~> 3.6.0)
    rspec-support (3.6.0)
    safe_yaml (1.0.4)
    shotgun (0.9.2)
      rack (>= 1.0)
    slop (3.6.0)
    thor (0.19.4)
    thread_safe (0.3.6)
    tilt (2.0.7)
    tzinfo (1.2.3)
      thread_safe (~> 0.1)
    vcr (3.0.3)
    webmock (3.0.1)
      addressable (>= 2.3.6)
      crack (>= 0.3.2)
      hashdiff

PLATFORMS
  ruby

DEPENDENCIES
  activesupport
  derailed
  fakeredis
  geoip
  hiredis
  httparty (~> 0.14.0)
  newrelic_rpm
  pry
  puma
  rack
  rack-flash3
  rack-test
  rack-timeout
  rack-tracker
  rake
  redis
  rollbar
  rspec
  shotgun
  tilt
  vcr
  webmock

BUNDLED WITH
   1.15.1
